GIT
  remote: https://github.com/kytrinyx/approvals
  revision: 7977db195ac062625d6a43ed9f4ef32c8e71896a
  specs:
    approvals (0.0.24)
      nokogiri (~> 1.8)
      thor (~> 0.18)

GEM
  remote: https://rubygems.org/
  specs:
    diff-lcs (1.3)
    git (1.6.0)
      rchardet (~> 1.8)
    mini_portile2 (2.6.1)
    nokogiri (1.12.5)
      mini_portile2 (~> 2.6.1)
      racc (~> 1.4)
    racc (1.5.2)
    rake (13.0.1)
    rchardet (1.8.0)
    rspec (3.9.0)
      rspec-core (~> 3.9.0)
      rspec-expectations (~> 3.9.0)
      rspec-mocks (~> 3.9.0)
    rspec-core (3.9.1)
      rspec-support (~> 3.9.1)
    rspec-expectations (3.9.1)
      diff-lcs (>= 1.2.0, < 2.0)
      rspec-support (~> 3.9.0)
    rspec-mocks (3.9.1)
      diff-lcs (>= 1.2.0, < 2.0)
      rspec-support (~> 3.9.0)
    rspec-support (3.9.2)
    thor (0.20.3)

PLATFORMS
  ruby

DEPENDENCIES
  approvals!
  git
  rake
  rspec

BUNDLED WITH
   2.0.1
